PATH
  remote: .
  specs:
    church_metrics (0.0.3)
      faraday

GEM
  remote: https://rubygems.org/
  specs:
    coderay (1.1.2)
    faraday (0.15.4)
      multipart-post (>= 1.2, < 3)
    method_source (0.9.2)
    multipart-post (2.1.1)
    pry (0.12.2)
      coderay (~> 1.1.0)
      method_source (~> 0.9.0)

PLATFORMS
  ruby

DEPENDENCIES
  church_metrics!
  faraday
  pry

RUBY VERSION
   ruby 2.6.3p62

BUNDLED WITH
   2.0.2
